GIT
  remote: git://github.com/mloughran/em-hiredis.git
  revision: aa5ae6bd019946a492e1879f5f8f860fef9b49f0
  specs:
    em-hiredis (0.1.1)
      hiredis (~> 0.4.0)

GEM
  remote: http://rubygems.org/
  specs:
    columnize (0.3.6)
    eventmachine (0.12.10)
    foreman (0.47.0)
      thor (>= 0.13.6)
    hiredis (0.4.5)
    linecache (0.46)
      rbx-require-relative (> 0.0.4)
    rbx-require-relative (0.0.9)
    ruby-debug (0.10.4)
      columnize (>= 0.1)
      ruby-debug-base (~> 0.10.4.0)
    ruby-debug-base (0.10.4)
      linecache (>= 0.3)
    ruby-lzma (0.4.3)
    thor (0.15.4)

PLATFORMS
  ruby

DEPENDENCIES
  em-hiredis!
  eventmachine
  foreman
  ruby-debug
  ruby-lzma
