GIT
  remote: git://github.com/mloughran/em-hiredis.git
  revision: aa5ae6bd019946a492e1879f5f8f860fef9b49f0
  specs:
    em-hiredis (0.1.1)
      hiredis (~> 0.4.0)

GEM
  remote: http://rubygems.org/
  specs:
    eventmachine (0.12.10)
    foreman (0.47.0)
      thor (>= 0.13.6)
    hiredis (0.4.5)
    ruby-lzma (0.4.3)
    thor (0.15.4)

PLATFORMS
  ruby

DEPENDENCIES
  em-hiredis!
  eventmachine
  foreman
  ruby-lzma
